GEM
  remote: https://rubygems.org/
  specs:
    coderay (1.1.1)
    method_source (0.8.2)
    mini_portile2 (2.3.0)
    nokogiri (1.8.1)
      mini_portile2 (~> 2.3.0)
    pry (0.10.4)
      coderay (~> 1.1.0)
      method_source (~> 0.8.1)
      slop (~> 3.4)
    puma (3.8.2)
    rack (2.0.3)
    slop (3.6.0)
    thread (0.2.2)

PLATFORMS
  ruby

DEPENDENCIES
  nokogiri
  pry
  puma
  rack
  thread

BUNDLED WITH
   1.15.3
